NDims = 3
DimSize = 256 256 128
ElementSpacing = 1 1 1
HeaderSize = -1
ElementByteOrderMSB = False
ElementType = MET_UCHAR
ElementNumberOfChannels = 1
ElementDataFile = Bonsai.raw
